PATH
  remote: .
  specs:
    pingfm (2.1.3)
      bundler
      slop

GEM
  remote: http://rubygems.org/
  specs:
    diff-lcs (1.1.2)
    rdoc (3.9.3)
    rspec (2.6.0)
      rspec-core (~> 2.6.0)
      rspec-expectations (~> 2.6.0)
      rspec-mocks (~> 2.6.0)
    rspec-core (2.6.4)
    rspec-expectations (2.6.0)
      diff-lcs (~> 1.1.2)
    rspec-mocks (2.6.0)
    slop (2.1.0)

PLATFORMS
  ruby

DEPENDENCIES
  pingfm!
  rdoc
  rspec (>= 2.6.0)
